GEM
  remote: https://rubygems.org/
  specs:
    activesupport (4.1.4)
      i18n (~> 0.6, >= 0.6.9)
      json (~> 1.7, >= 1.7.7)
      minitest (~> 5.1)
      thread_safe (~> 0.1)
      tzinfo (~> 1.1)
    dotenv (0.11.1)
      dotenv-deployment (~> 0.0.2)
    dotenv-deployment (0.0.2)
    i18n (0.6.9)
    json (1.8.1)
    mem (0.1.3)
    minitest (5.3.5)
    redis (3.1.0)
    redis-namespace (1.5.0)
      redis (~> 3.0, >= 3.0.4)
    ruboty (1.0.2)
      activesupport
      bundler
      dotenv
      mem
      slop
    ruboty-hipchat (0.1.6)
      ruboty
      xrc (>= 0.1.1)
    ruboty-redis (0.0.4)
      redis
      redis-namespace
      ruboty
    ruboty-rss (0.0.5)
      activesupport
      ruboty (~> 1.0.2)
    slop (3.5.0)
    thread_safe (0.3.4)
    tzinfo (1.2.1)
      thread_safe (~> 0.1)
    xrc (0.1.1)
      activesupport

PLATFORMS
  ruby

DEPENDENCIES
  ruboty
  ruboty-hipchat
  ruboty-redis
  ruboty-rss
